GIT
  remote: git://github.com/edsl/jekyll-pandoc-multiple-formats.git
  revision: 409231e0f9d936ff59259f962ec5e187b8ac41ff
  branch: develop
  specs:
    jekyll-pandoc-multiple-formats (0.1.0)
      jekyll (~> 3.0.0)
      pdf_info (~> 0.5.0)
      rtex (~> 2.1.0)

GEM
  remote: https://rubygems.org/
  specs:
    colorator (0.1)
    ffi (1.9.10)
    jekyll (3.0.4)
      colorator (~> 0.1)
      jekyll-sass-converter (~> 1.0)
      jekyll-watch (~> 1.1)
      kramdown (~> 1.3)
      liquid (~> 3.0)
      mercenary (~> 0.3.3)
      rouge (~> 1.7)
      safe_yaml (~> 1.0)
    jekyll-sass-converter (1.4.0)
      sass (~> 3.4)
    jekyll-torrent (0.0.2)
      jekyll
    jekyll-watch (1.3.1)
      listen (~> 3.0)
    json (1.8.3)
    kramdown (1.10.0)
    libv8 (3.16.14.13)
    liquid (3.0.6)
    listen (3.0.6)
      rb-fsevent (>= 0.9.3)
      rb-inotify (>= 0.9.7)
    mercenary (0.3.6)
    pdf_info (0.5.2)
    rb-fsevent (0.9.7)
    rb-inotify (0.9.7)
      ffi (>= 0.5.0)
    ref (2.0.0)
    rouge (1.10.1)
    rtex (2.1.1)
    safe_yaml (1.0.4)
    sass (3.4.22)
    therubyracer (0.12.2)
      libv8 (~> 3.16.14.0)
      ref

PLATFORMS
  ruby

DEPENDENCIES
  jekyll
  jekyll-pandoc-multiple-formats!
  jekyll-torrent
  json
  libv8
  pdf_info
  rtex
  therubyracer

BUNDLED WITH
   1.11.2
